PATH
  remote: .
  specs:
    stock_calculator (0.1.0)
      slack-notifier
      thor

GEM
  remote: https://rubygems.org/
  specs:
    addressable (2.5.2)
      public_suffix (>= 2.0.2, < 4.0)
    byebug (9.1.0)
    codecov (0.1.10)
      json
      simplecov
      url
    coderay (1.1.2)
    crack (0.4.3)
      safe_yaml (~> 1.0.0)
    diff-lcs (1.3)
    docile (1.1.5)
    hashdiff (0.3.7)
    json (2.1.0)
    method_source (0.9.0)
    pry (0.11.3)
      coderay (~> 1.1.0)
      method_source (~> 0.9.0)
    pry-byebug (3.5.0)
      byebug (~> 9.1)
      pry (~> 0.10)
    public_suffix (3.0.1)
    rake (10.5.0)
    rspec (3.7.0)
      rspec-core (~> 3.7.0)
      rspec-expectations (~> 3.7.0)
      rspec-mocks (~> 3.7.0)
    rspec-core (3.7.0)
      rspec-support (~> 3.7.0)
    rspec-expectations (3.7.0)
      diff-lcs (>= 1.2.0, < 2.0)
      rspec-support (~> 3.7.0)
    rspec-mocks (3.7.0)
      diff-lcs (>= 1.2.0, < 2.0)
      rspec-support (~> 3.7.0)
    rspec-support (3.7.0)
    safe_yaml (1.0.4)
    simplecov (0.15.1)
      docile (~> 1.1.0)
      json (>= 1.8, < 3)
      simplecov-html (~> 0.10.0)
    simplecov-html (0.10.2)
    slack-notifier (2.3.1)
    tapp (1.5.1)
      thor
    thor (0.20.0)
    timecop (0.9.1)
    url (0.3.2)
    webmock (3.1.1)
      addressable (>= 2.3.6)
      crack (>= 0.3.2)
      hashdiff

PLATFORMS
  ruby

DEPENDENCIES
  bundler (~> 1.16)
  codecov
  pry
  pry-byebug
  rake (~> 10.0)
  rspec (~> 3.0)
  simplecov
  stock_calculator!
  tapp
  timecop
  webmock

RUBY VERSION
   ruby 2.4.2p198

BUNDLED WITH
   1.16.1
